GEM
  remote: http://rubygems.org/
  specs:
    coderay (1.0.5)
    haml (3.1.4)
    mustermann (2.0.2)
      ruby2_keywords (~> 0.0.1)
    nokogiri (1.5.2)
    rack (2.2.4)
    rack-protection (2.2.3)
      rack
    redcarpet (2.1.1)
    ruby2_keywords (0.0.5)
    sass (3.1.15)
    sinatra (2.2.3)
      mustermann (~> 2.0)
      rack (~> 2.2)
      rack-protection (= 2.2.3)
      tilt (~> 2.0)
    tilt (2.0.11)

PLATFORMS
  ruby

DEPENDENCIES
  coderay
  haml
  nokogiri
  redcarpet
  sass
  sinatra
