GEM
  remote: http://rubygems.org/
  specs:
    coderay (1.0.5)
    haml (5.0.0)
      temple (>= 0.8.0)
      tilt
    nokogiri (1.5.2)
    rack (1.4.1)
    rack-protection (1.2.0)
      rack
    redcarpet (2.1.1)
    sass (3.1.15)
    sinatra (1.3.2)
      rack (~> 1.3, >= 1.3.6)
      rack-protection (~> 1.2)
      tilt (~> 1.3, >= 1.3.3)
    temple (0.8.2)
    tilt (1.3.3)

PLATFORMS
  ruby

DEPENDENCIES
  coderay
  haml
  nokogiri
  redcarpet
  sass
  sinatra
